GEM
  remote: http://rubygems.org/
  specs:
    abstract (1.0.0)
    erubis (2.6.6)
      abstract (>= 1.0.0)
    rack (1.2.2)

PLATFORMS
  ruby

DEPENDENCIES
  erubis
  rack
